PATH
  remote: .
  specs:
    libnotify (0.5.0)
      ffi (~> 1.0)

GEM
  remote: http://rubygems.org/
  specs:
    ffi (1.0.7)
      rake (>= 0.8.7)
    rake (0.8.7)
    riot (0.12.3)
      rr
    riot_notifier (0.2.0)
      riot (>= 0.10.12)
    rr (1.0.2)
    watchr (0.7)
    yard (0.6.8)

PLATFORMS
  ruby

DEPENDENCIES
  libnotify!
  riot (= 0.12.3)
  riot_notifier
  watchr
  yard
